GEM
  remote: http://rubygems.org/
  specs:
    beefcake (0.3.7)
    builder (3.0.0)
    i18n (0.6.0)
    multi_json (1.3.6)
    riak-client (1.0.4)
      beefcake (~> 0.3.7)
      builder (>= 2.1.2)
      i18n (>= 0.4.0)
      multi_json (~> 1.0)

PLATFORMS
  ruby

DEPENDENCIES
  riak-client
